PATH
  remote: .
  specs:
    proweb (0.0.1)
      activerecord
      activerecord-sqlserver-adapter
      httpclient
      mysql2
      pry
      sequel
      spreadsheet
      sqlite3
      tiny_tds

GEM
  remote: https://rubygems.org/
  specs:
    activemodel (4.2.6)
      activesupport (= 4.2.6)
      builder (~> 3.1)
    activerecord (4.2.6)
      activemodel (= 4.2.6)
      activesupport (= 4.2.6)
      arel (~> 6.0)
    activerecord-sqlserver-adapter (4.2.4)
      activerecord (~> 4.2.1)
    activesupport (4.2.6)
      i18n (~> 0.7)
      json (~> 1.7, >= 1.7.7)
      minitest (~> 5.1)
      thread_safe (~> 0.3, >= 0.3.4)
      tzinfo (~> 1.1)
    arel (6.0.3)
    builder (3.2.2)
    coderay (1.1.1)
    httpclient (2.7.1)
    i18n (0.7.0)
    json (1.8.3)
    method_source (0.8.2)
    minitest (5.8.4)
    mysql2 (0.4.2)
    pry (0.10.3)
      coderay (~> 1.1.0)
      method_source (~> 0.8.1)
      slop (~> 3.4)
    ruby-ole (1.2.12)
    sequel (4.32.0)
    slop (3.6.0)
    spreadsheet (1.1.2)
      ruby-ole (>= 1.0)
    sqlite3 (1.3.11)
    thread_safe (0.3.5)
    tiny_tds (0.6.2)
    tzinfo (1.2.2)
      thread_safe (~> 0.1)

PLATFORMS
  ruby

DEPENDENCIES
  proweb!

BUNDLED WITH
   1.11.2
