PATH
  remote: .
  specs:
    proweb (1.0.0)
      activerecord (~> 4.2)
      activerecord-sqlserver-adapter
      httpclient
      mysql2
      pry
      ruby-progressbar
      sequel
      spreadsheet
      sqlite3
      tiny_tds

GEM
  remote: https://rubygems.org/
  specs:
    activemodel (4.2.11)
      activesupport (= 4.2.11)
      builder (~> 3.1)
    activerecord (4.2.11)
      activemodel (= 4.2.11)
      activesupport (= 4.2.11)
      arel (~> 6.0)
    activerecord-sqlserver-adapter (4.2.18)
      activerecord (~> 4.2.1)
    activesupport (4.2.11)
      i18n (~> 0.7)
      minitest (~> 5.1)
      thread_safe (~> 0.3, >= 0.3.4)
      tzinfo (~> 1.1)
    arel (6.0.4)
    builder (3.2.3)
    coderay (1.1.1)
    httpclient (2.8.3)
    i18n (0.8.6)
    method_source (0.8.2)
    mini_portile2 (2.1.0)
    minitest (5.10.3)
    mysql2 (0.4.5)
    pry (0.10.4)
      coderay (~> 1.1.0)
      method_source (~> 0.8.1)
      slop (~> 3.4)
    ruby-ole (1.2.12.1)
    ruby-progressbar (1.8.1)
    sequel (4.45.0)
    slop (3.6.0)
    spreadsheet (1.1.4)
      ruby-ole (>= 1.0)
    sqlite3 (1.3.13)
    thread_safe (0.3.6)
    tiny_tds (1.3.0)
      mini_portile2 (~> 2.0)
    tzinfo (1.2.5)
      thread_safe (~> 0.1)

PLATFORMS
  ruby

DEPENDENCIES
  proweb!

BUNDLED WITH
   1.17.3
