PATH
  remote: .
  specs:
    proweb (1.0.0)
      activerecord (~> 4.2)
      activerecord-sqlserver-adapter
      httpclient
      mysql2
      progressbar
      pry
      sequel
      spreadsheet
      sqlite3 (= 1.3.13)
      tiny_tds

GEM
  remote: https://rubygems.org/
  specs:
    activemodel (4.2.11.1)
      activesupport (= 4.2.11.1)
      builder (~> 3.1)
    activerecord (4.2.11.1)
      activemodel (= 4.2.11.1)
      activesupport (= 4.2.11.1)
      arel (~> 6.0)
    activerecord-sqlserver-adapter (4.2.18)
      activerecord (~> 4.2.1)
    activesupport (4.2.11.1)
      i18n (~> 0.7)
      minitest (~> 5.1)
      thread_safe (~> 0.3, >= 0.3.4)
      tzinfo (~> 1.1)
    arel (6.0.4)
    builder (3.2.3)
    coderay (1.1.2)
    concurrent-ruby (1.1.5)
    httpclient (2.8.3)
    i18n (0.9.5)
      concurrent-ruby (~> 1.0)
    method_source (0.9.2)
    minitest (5.11.3)
    mysql2 (0.5.2)
    progressbar (1.10.1)
    pry (0.12.2)
      coderay (~> 1.1.0)
      method_source (~> 0.9.0)
    ruby-ole (1.2.12.2)
    sequel (5.20.0)
    spreadsheet (1.2.4)
      ruby-ole (>= 1.0)
    sqlite3 (1.3.13)
    thread_safe (0.3.6)
    tiny_tds (2.1.2)
    tzinfo (1.2.5)
      thread_safe (~> 0.1)

PLATFORMS
  ruby

DEPENDENCIES
  proweb!

BUNDLED WITH
   1.17.3
