PATH
  remote: .
  specs:
    proweb (0.0.1)
      activerecord
      activerecord-sqlserver-adapter
      byebug
      httpclient
      mysql2
      oj
      sequel
      spreadsheet
      sqlite3
      tiny_tds

GEM
  remote: https://rubygems.org/
  specs:
    activemodel (4.2.1)
      activesupport (= 4.2.1)
      builder (~> 3.1)
    activerecord (4.2.1)
      activemodel (= 4.2.1)
      activesupport (= 4.2.1)
      arel (~> 6.0)
    activerecord-sqlserver-adapter (4.2.4)
      activerecord (~> 4.2.1)
    activesupport (4.2.1)
      i18n (~> 0.7)
      json (~> 1.7, >= 1.7.7)
      minitest (~> 5.1)
      thread_safe (~> 0.3, >= 0.3.4)
      tzinfo (~> 1.1)
    arel (6.0.0)
    builder (3.2.2)
    byebug (4.0.5)
      columnize (= 0.9.0)
    columnize (0.9.0)
    httpclient (2.6.0.1)
    i18n (0.7.0)
    json (1.8.2)
    minitest (5.6.1)
    mysql2 (0.3.16)
    oj (2.11.4)
    ruby-ole (1.2.11.8)
    sequel (4.22.0)
    spreadsheet (1.0.3)
      ruby-ole (>= 1.0)
    sqlite3 (1.3.10)
    thread_safe (0.3.5)
    tiny_tds (0.6.2)
    tzinfo (1.2.2)
      thread_safe (~> 0.1)

PLATFORMS
  ruby

DEPENDENCIES
  proweb!
