PATH
  remote: .
  specs:
    proweb (1.2.0)
      activerecord (~> 6.1.1)
      activerecord-sqlserver-adapter
      httpclient
      mysql2
      progressbar
      pry
      sequel
      spreadsheet
      sqlite3 (= 1.3.13)
      tiny_tds

GEM
  remote: https://rubygems.org/
  specs:
    activemodel (6.1.1)
      activesupport (= 6.1.1)
    activerecord (6.1.1)
      activemodel (= 6.1.1)
      activesupport (= 6.1.1)
    activerecord-sqlserver-adapter (2.3.8)
    activesupport (6.1.1)
      concurrent-ruby (~> 1.0, >= 1.0.2)
      i18n (>= 1.6, < 2)
      minitest (>= 5.1)
      tzinfo (~> 2.0)
      zeitwerk (~> 2.3)
    coderay (1.1.3)
    concurrent-ruby (1.1.8)
    httpclient (2.8.3)
    i18n (1.8.8)
      concurrent-ruby (~> 1.0)
    method_source (1.0.0)
    minitest (5.14.3)
    mysql2 (0.5.3)
    progressbar (1.11.0)
    pry (0.14.0)
      coderay (~> 1.1)
      method_source (~> 1.0)
    ruby-ole (1.2.12.2)
    sequel (5.41.0)
    spreadsheet (1.2.7)
      ruby-ole
    sqlite3 (1.3.13)
    tiny_tds (2.1.3)
    tzinfo (2.0.4)
      concurrent-ruby (~> 1.0)
    zeitwerk (2.4.2)

PLATFORMS
  ruby

DEPENDENCIES
  proweb!

BUNDLED WITH
   1.17.3
